PATH
  remote: .
  specs:
    new_excel (0.1.0)
      chronic
      colored
      memoist
      racc
      ruby-progressbar
      terminal-table

GEM
  remote: https://rubygems.org/
  specs:
    byebug (11.0.1)
    chronic (0.10.2)
    colored (1.2)
    diff-lcs (1.3)
    fakefs (0.20.0)
    memoist (0.16.0)
    racc (1.4.15)
    rake (12.1.0)
    rspec (3.8.0)
      rspec-core (~> 3.8.0)
      rspec-expectations (~> 3.8.0)
      rspec-mocks (~> 3.8.0)
    rspec-autotest (1.0.2)
      rspec-core (>= 2.99.0.beta1, < 4.0.0)
    rspec-core (3.8.0)
      rspec-support (~> 3.8.0)
    rspec-expectations (3.8.2)
      diff-lcs (>= 1.2.0, < 2.0)
      rspec-support (~> 3.8.0)
    rspec-mocks (3.8.0)
      diff-lcs (>= 1.2.0, < 2.0)
      rspec-support (~> 3.8.0)
    rspec-support (3.8.0)
    ruby-progressbar (1.10.0)
    terminal-table (1.8.0)
      unicode-display_width (~> 1.1, >= 1.1.1)
    unicode-display_width (1.5.0)

PLATFORMS
  ruby

DEPENDENCIES
  bundler
  byebug
  fakefs
  new_excel!
  rake
  rspec
  rspec-autotest

BUNDLED WITH
   1.16.3
