GEM
  remote: https://rubygems.org/
  specs:
    byebug (11.0.1)
    chronic (0.10.2)
    diff-lcs (1.3)
    fakefs (0.20.0)
    racc (1.4.15)
    rake (12.1.0)
    rspec (3.8.0)
      rspec-core (~> 3.8.0)
      rspec-expectations (~> 3.8.0)
      rspec-mocks (~> 3.8.0)
    rspec-autotest (1.0.2)
      rspec-core (>= 2.99.0.beta1, < 4.0.0)
    rspec-core (3.8.0)
      rspec-support (~> 3.8.0)
    rspec-expectations (3.8.2)
      diff-lcs (>= 1.2.0, < 2.0)
      rspec-support (~> 3.8.0)
    rspec-mocks (3.8.0)
      diff-lcs (>= 1.2.0, < 2.0)
      rspec-support (~> 3.8.0)
    rspec-support (3.8.0)

PLATFORMS
  ruby

DEPENDENCIES
  bundler
  byebug
  chronic
  fakefs
  racc
  rake
  rspec
  rspec-autotest

BUNDLED WITH
   1.16.3
